GEM
  remote: https://rubygems.org/
  specs:
    rack (2.0.1)
    ruby (0.1.0)

PLATFORMS
  ruby

DEPENDENCIES
  rack
  ruby

BUNDLED WITH
   1.14.6
